GEM
  remote: http://rubygems.org/
  specs:
    git (1.2.5)
    highline (1.6.15)
    jeweler (1.8.4)
      bundler (~> 1.0)
      git (>= 1.2.5)
      rake
      rdoc
    json (1.7.6)
    rake (10.0.3)
    rdoc (3.12)
      json (~> 1.4)

PLATFORMS
  ruby

DEPENDENCIES
  highline (~> 1.6.15)
  jeweler (~> 1.8.4)
  json (~> 1.7.6)
  rake (~> 10.0.0)
