GEM
  remote: http://rubygems.org/
  specs:
    git (1.2.5)
    highline (1.6.19)
    jeweler (1.8.4)
      bundler (~> 1.0)
      git (>= 1.2.5)
      rake
      rdoc
    json (1.8.0)
    rake (10.0.4)
    rdoc (4.0.1)
      json (~> 1.4)
    sqlite3 (1.3.7)

PLATFORMS
  ruby

DEPENDENCIES
  highline (~> 1.6.15)
  jeweler (~> 1.8.4)
  json (~> 1.8.0)
  rake (~> 10.0.0)
  sqlite3 (~> 1.3.7)
